GEM
  remote: https://rubygems.org/
  specs:
    gon-sinatra (0.1.2)
      sinatra
    rack (1.6.5)
    rack-protection (1.5.3)
      rack
    sinatra (1.4.7)
      rack (~> 1.5)
      rack-protection (~> 1.4)
      tilt (>= 1.3, < 3)
    tilt (2.0.5)

PLATFORMS
  ruby

DEPENDENCIES
  gon-sinatra
  sinatra

BUNDLED WITH
   1.13.1
